PATH
  remote: .
  specs:
    newport (1.0.6)
      colorator (~> 1.0)
      kramdown (~> 2.3, >= 2.3.1)
      rss (~> 0.2, >= 0.2.9)

GEM
  remote: https://rubygems.org/
  specs:
    colorator (1.1.0)
    kramdown (2.3.1)
      rexml
    rexml (3.2.5)
    rss (0.2.9)
      rexml

PLATFORMS
  arm64-darwin-20

DEPENDENCIES
  newport!

RUBY VERSION
   ruby 3.0.0p0

BUNDLED WITH
   2.2.16
